PATH
  remote: .
  specs:
    al_papi (1.0.5)
      hashie (~> 2.1.0, >= 2.1.0)
      rest-client (~> 2.0.2, >= 2.0.2)

GEM
  remote: https://rubygems.org/
  specs:
    addressable (2.5.2)
      public_suffix (>= 2.0.2, < 4.0)
    coderay (1.1.0)
    crack (0.4.3)
      safe_yaml (~> 1.0.0)
    docile (1.1.5)
    domain_name (0.5.20170404)
      unf (>= 0.0.5, < 1.0.0)
    gemcutter (0.7.1)
    hashdiff (0.3.7)
    hashie (2.1.2)
    http-cookie (1.0.3)
      domain_name (~> 0.5)
    method_source (0.8.2)
    mime-types (3.1)
      mime-types-data (~> 3.2015)
    mime-types-data (3.2016.0521)
    multi_json (1.10.1)
    netrc (0.11.0)
    power_assert (2.0.1)
    pry (0.10.1)
      coderay (~> 1.1.0)
      method_source (~> 0.8.1)
      slop (~> 3.4)
    public_suffix (3.0.2)
    rake (10.4.0)
    redcarpet (3.2.1)
    rest-client (2.0.2)
      http-cookie (>= 1.0.2, < 2.0)
      mime-types (>= 1.16, < 4.0)
      netrc (~> 0.8)
    safe_yaml (1.0.4)
    simplecov (0.9.1)
      docile (~> 1.1.0)
      multi_json (~> 1.0)
      simplecov-html (~> 0.8.0)
    simplecov-html (0.8.0)
    slop (3.6.0)
    test-unit (3.0.0)
      power_assert
    unf (0.1.4)
      unf_ext
    unf_ext (0.0.7.4)
    vcr (2.9.3)
    webmock (2.3.2)
      addressable (>= 2.3.6)
      crack (>= 0.3.2)
      hashdiff
    yard (0.9.12)

PLATFORMS
  ruby

DEPENDENCIES
  al_papi!
  gemcutter (~> 0.7.1, >= 0.7.1)
  pry (~> 0.10, >= 0.10.1)
  rake (~> 10.4, >= 10.4.0)
  redcarpet (~> 3.2, >= 3.2.1)
  simplecov (~> 0.9, >= 0.9.1)
  test-unit (~> 3.0, >= 3.0.0)
  vcr (~> 2.9, >= 2.9.3)
  webmock (~> 2.3, >= 2.3.2)
  yard (~> 0.9, >= 0.9.11)

BUNDLED WITH
   1.16.0
